PATH
  remote: .
  specs:
    rx-rspec (0.3.1)
      rx

GEM
  remote: https://rubygems.org/
  specs:
    byebug (9.0.6)
    codeclimate-test-reporter (1.0.3)
      simplecov
    diff-lcs (1.2.5)
    docile (1.1.5)
    json (2.0.2)
    rspec (3.5.0)
      rspec-core (~> 3.5.0)
      rspec-expectations (~> 3.5.0)
      rspec-mocks (~> 3.5.0)
    rspec-core (3.5.4)
      rspec-support (~> 3.5.0)
    rspec-expectations (3.5.0)
      diff-lcs (>= 1.2.0, < 2.0)
      rspec-support (~> 3.5.0)
    rspec-mocks (3.5.0)
      diff-lcs (>= 1.2.0, < 2.0)
      rspec-support (~> 3.5.0)
    rspec-support (3.5.0)
    rx (0.0.3)
    simplecov (0.12.0)
      docile (~> 1.1.0)
      json (>= 1.8, < 3)
      simplecov-html (~> 0.10.0)
    simplecov-html (0.10.0)

PLATFORMS
  ruby

DEPENDENCIES
  bundler (~> 1.13)
  byebug
  codeclimate-test-reporter
  rspec (~> 3.0)
  rx-rspec!
  simplecov

BUNDLED WITH
   1.13.6
